GEM
  remote: https://artifactory.oci.oraclecorp.com/logan-dev-gems-local/
  specs:
    oci-logging-analytics-kubernetes-discovery (1.2.0.2)
      concurrent-ruby (~> 1.2, >= 1.2.2)
      kubeclient (~> 4.9, >= 4.9.3)
      oci (~> 2.21)
      rubyzip (~> 2.3.2)
      rufus-scheduler (~> 3.7, >= 3.9.2)
      yajl-ruby (~> 1.0)

GEM
  remote: https://rubygems.org/
  specs:
    addressable (2.8.7)
      public_suffix (>= 2.0.2, < 7.0)
    aws-eventstream (1.3.0)
    aws-partitions (1.958.0)
    aws-sdk-cloudwatchlogs (1.87.0)
      aws-sdk-core (~> 3, >= 3.201.0)
      aws-sigv4 (~> 1.5)
    aws-sdk-core (3.201.3)
      aws-eventstream (~> 1, >= 1.3.0)
      aws-partitions (~> 1, >= 1.651.0)
      aws-sigv4 (~> 1.8)
      jmespath (~> 1, >= 1.6.1)
    aws-sdk-kms (1.88.0)
      aws-sdk-core (~> 3, >= 3.201.0)
      aws-sigv4 (~> 1.5)
    aws-sdk-s3 (1.156.0)
      aws-sdk-core (~> 3, >= 3.201.0)
      aws-sdk-kms (~> 1)
      aws-sigv4 (~> 1.5)
    aws-sdk-sqs (1.80.0)
      aws-sdk-core (~> 3, >= 3.201.0)
      aws-sigv4 (~> 1.5)
    aws-sigv4 (1.9.0)
      aws-eventstream (~> 1, >= 1.0.2)
    base64 (0.2.0)
    bigdecimal (3.1.8)
    concurrent-ruby (1.3.3)
    cool.io (1.8.1)
    csv (3.3.0)
    domain_name (0.6.20240107)
    drb (2.2.1)
    et-orbi (1.2.11)
      tzinfo
    event_stream_parser (1.0.0)
    ffi (1.15.5)
    ffi-compiler (1.0.1)
      ffi (>= 1.0.0)
      rake
    fluent-config-regexp-type (1.0.0)
      fluentd (> 1.0.0, < 2)
    fluent-plugin-cloudwatch-logs (0.14.3)
      aws-sdk-cloudwatchlogs (~> 1.0)
      fluentd (>= 1.8.0)
    fluent-plugin-concat (2.5.0)
      fluentd (>= 0.14.0, < 2)
    fluent-plugin-kubernetes_metadata_filter (3.5.0)
      fluentd (>= 0.14.0, < 1.18)
      kubeclient (>= 4.0.0, < 5.0.0)
      lru_redux
    fluent-plugin-oci-logging-analytics (2.0.6)
      fluentd (>= 0.14.10, < 2)
      oci (~> 2.16)
      prometheus-client (~> 4.0)
      rubyzip (~> 2.3.2)
      yajl-ruby (~> 1.4, >= 1.4.3)
    fluent-plugin-parser-cri (0.1.1)
      fluentd (>= 1)
    fluent-plugin-record-modifier (2.2.0)
      fluentd (>= 1.1, < 2)
    fluent-plugin-rewrite-tag-filter (2.4.0)
      fluent-config-regexp-type
      fluentd (>= 0.14.2, < 2)
    fluent-plugin-s3 (1.7.2)
      aws-sdk-s3 (~> 1.60)
      aws-sdk-sqs (~> 1.23)
      fluentd (>= 0.14.22, < 2)
    fluentd (1.17.1)
      base64 (~> 0.2)
      bundler
      cool.io (>= 1.4.5, < 2.0.0)
      csv (~> 3.2)
      drb (~> 2.2)
      http_parser.rb (>= 0.5.1, < 0.9.0)
      logger (~> 1.6)
      msgpack (>= 1.3.1, < 2.0.0)
      serverengine (>= 2.3.2, < 3.0.0)
      sigdump (~> 0.2.5)
      strptime (>= 0.2.4, < 1.0.0)
      tzinfo (>= 1.0, < 3.0)
      tzinfo-data (~> 1.0)
      webrick (~> 1.4)
      yajl-ruby (~> 1.0)
    fugit (1.11.1)
      et-orbi (~> 1, >= 1.2.11)
      raabro (~> 1.4)
    http (5.2.0)
      addressable (~> 2.8)
      base64 (~> 0.1)
      http-cookie (~> 1.0)
      http-form_data (~> 2.2)
      llhttp-ffi (~> 0.5.0)
    http-accept (1.7.0)
    http-cookie (1.0.6)
      domain_name (~> 0.5)
    http-form_data (2.3.0)
    http_parser.rb (0.8.0)
    inifile (3.0.0)
    jmespath (1.6.2)
    json (2.7.2)
    jsonpath (1.1.5)
      multi_json
    jwt (2.8.2)
      base64
    kubeclient (4.12.0)
      http (>= 3.0, < 6.0)
      jsonpath (~> 1.0)
      recursive-open-struct (~> 1.1, >= 1.1.1)
      rest-client (~> 2.0)
    llhttp-ffi (0.5.0)
      ffi-compiler (~> 1.0)
      rake (~> 13.0)
    logger (1.6.1)
    lru_redux (1.1.0)
    mime-types (3.5.2)
      mime-types-data (~> 3.2015)
    mime-types-data (3.2024.0702)
    msgpack (1.7.2)
    multi_json (1.15.0)
    netrc (0.11.0)
    oci (2.21.1)
      event_stream_parser (~> 1.0.0)
      inifile (~> 3.0, >= 3.0.0)
      json (>= 1.4.6, < 3.0.0)
      jwt (~> 2.1)
      psych (~> 5.0, >= 5.0.1)
    oj (3.16.4)
      bigdecimal (>= 3.0)
    prometheus-client (4.2.3)
      base64
    psych (5.1.2)
      stringio
    public_suffix (6.0.1)
    raabro (1.4.0)
    rake (13.2.1)
    recursive-open-struct (1.2.2)
    rest-client (2.1.0)
      http-accept (>= 1.7.0, < 2.0)
      http-cookie (>= 1.0.2, < 2.0)
      mime-types (>= 1.16, < 4.0)
      netrc (~> 0.8)
    rexml (3.4.0)
    rubyzip (2.3.2)
    rufus-scheduler (3.9.2)
      fugit (~> 1.1, >= 1.11.1)
    serverengine (2.3.2)
      sigdump (~> 0.2.2)
    sigdump (0.2.5)
    stringio (3.1.1)
    strptime (0.2.5)
    tzinfo (2.0.6)
      concurrent-ruby (~> 1.0)
    tzinfo-data (1.2024.1)
      tzinfo (>= 1.0.0)
    webrick (1.9.1)
    yajl-ruby (1.4.3)

PLATFORMS
  arm64-darwin-24
  x86_64-linux

DEPENDENCIES
  fluent-plugin-cloudwatch-logs (= 0.14.3)
  fluent-plugin-concat (~> 2.5.0)
  fluent-plugin-kubernetes_metadata_filter (= 3.5.0)
  fluent-plugin-oci-logging-analytics (= 2.0.6)
  fluent-plugin-parser-cri (~> 0.1.1)
  fluent-plugin-record-modifier (= 2.2.0)
  fluent-plugin-rewrite-tag-filter (~> 2.4.0)
  fluent-plugin-s3 (= 1.7.2)
  fluentd (= 1.17.1)
  json (= 2.7.2)
  oci-logging-analytics-kubernetes-discovery (= 1.2.0.2)!
  oj (= 3.16.4)
  rexml (= 3.4.0)

BUNDLED WITH
   2.5.16
