GEM
  remote: https://rubygems.org/
  specs:
    addressable (2.8.5)
      public_suffix (>= 2.0.2, < 6.0)
    aws-eventstream (1.2.0)
    aws-partitions (1.813.0)
    aws-sdk-cloudwatchlogs (1.69.0)
      aws-sdk-core (~> 3, >= 3.177.0)
      aws-sigv4 (~> 1.1)
    aws-sdk-core (3.181.0)
      aws-eventstream (~> 1, >= 1.0.2)
      aws-partitions (~> 1, >= 1.651.0)
      aws-sigv4 (~> 1.5)
      jmespath (~> 1, >= 1.6.1)
    aws-sdk-kms (1.71.0)
      aws-sdk-core (~> 3, >= 3.177.0)
      aws-sigv4 (~> 1.1)
    aws-sdk-s3 (1.134.0)
      aws-sdk-core (~> 3, >= 3.181.0)
      aws-sdk-kms (~> 1)
      aws-sigv4 (~> 1.6)
    aws-sdk-sqs (1.62.0)
      aws-sdk-core (~> 3, >= 3.177.0)
      aws-sigv4 (~> 1.1)
    aws-sigv4 (1.6.0)
      aws-eventstream (~> 1, >= 1.0.2)
    concurrent-ruby (1.2.3)
    cool.io (1.8.0)
    domain_name (0.5.20190701)
      unf (>= 0.0.5, < 1.0.0)
    event_stream_parser (1.0.0)
    ffi (1.15.5)
    ffi-compiler (1.0.1)
      ffi (>= 1.0.0)
      rake
    fluent-config-regexp-type (1.0.0)
      fluentd (> 1.0.0, < 2)
    fluent-plugin-cloudwatch-logs (0.14.3)
      aws-sdk-cloudwatchlogs (~> 1.0)
      fluentd (>= 1.8.0)
    fluent-plugin-concat (2.5.0)
      fluentd (>= 0.14.0, < 2)
    fluent-plugin-kubernetes_metadata_filter (3.3.0)
      fluentd (>= 0.14.0, < 1.17)
      kubeclient (>= 4.0.0, < 5.0.0)
      lru_redux
    fluent-plugin-oci-logging-analytics (2.0.6)
      fluentd (>= 0.14.10, < 2)
      oci (~> 2.16)
      prometheus-client (~> 4.0)
      rubyzip (~> 2.3.2)
      yajl-ruby (~> 1.4, >= 1.4.3)
    fluent-plugin-parser-cri (0.1.1)
      fluentd (>= 1)
    fluent-plugin-record-modifier (2.1.1)
      fluentd (>= 1.0, < 2)
    fluent-plugin-rewrite-tag-filter (2.4.0)
      fluent-config-regexp-type
      fluentd (>= 0.14.2, < 2)
    fluent-plugin-s3 (1.7.2)
      aws-sdk-s3 (~> 1.60)
      aws-sdk-sqs (~> 1.23)
      fluentd (>= 0.14.22, < 2)
    fluentd (1.16.2)
      bundler
      cool.io (>= 1.4.5, < 2.0.0)
      http_parser.rb (>= 0.5.1, < 0.9.0)
      msgpack (>= 1.3.1, < 2.0.0)
      serverengine (>= 2.3.2, < 3.0.0)
      sigdump (~> 0.2.5)
      strptime (>= 0.2.4, < 1.0.0)
      tzinfo (>= 1.0, < 3.0)
      tzinfo-data (~> 1.0)
      webrick (~> 1.4)
      yajl-ruby (~> 1.0)
    http (4.4.1)
      addressable (~> 2.3)
      http-cookie (~> 1.0)
      http-form_data (~> 2.2)
      http-parser (~> 1.2.0)
    http-accept (1.7.0)
    http-cookie (1.0.5)
      domain_name (~> 0.5)
    http-form_data (2.3.0)
    http-parser (1.2.3)
      ffi-compiler (>= 1.0, < 2.0)
    http_parser.rb (0.8.0)
    inifile (3.0.0)
    jmespath (1.6.2)
    json (2.7.1)
    jsonpath (1.1.4)
      multi_json
    jwt (2.7.1)
    kubeclient (4.9.3)
      http (>= 3.0, < 5.0)
      jsonpath (~> 1.0)
      recursive-open-struct (~> 1.1, >= 1.1.1)
      rest-client (~> 2.0)
    lru_redux (1.1.0)
    mime-types (3.5.1)
      mime-types-data (~> 3.2015)
    mime-types-data (3.2023.1003)
    msgpack (1.7.2)
    multi_json (1.15.0)
    netrc (0.11.0)
    oci (2.21.0)
      event_stream_parser (~> 1.0.0)
      inifile (~> 3.0, >= 3.0.0)
      json (>= 1.4.6, < 3.0.0)
      jwt (~> 2.1)
      psych (>= 5.0.1, < 5.1.2)
    oci-logging-analytics-kubernetes-discovery (1.0.1)
      concurrent-ruby (~> 1.2.2)
      kubeclient (~> 4.9.3)
      oci (~> 2.20)
      rubyzip (~> 2.3.2)
      yajl-ruby (~> 1.0)
    oj (3.16.1)
    prometheus-client (4.0.0)
    psych (5.0.1)
      stringio
    public_suffix (5.0.3)
    rake (13.0.6)
    recursive-open-struct (1.1.3)
    rest-client (2.1.0)
      http-accept (>= 1.7.0, < 2.0)
      http-cookie (>= 1.0.2, < 2.0)
      mime-types (>= 1.16, < 4.0)
      netrc (~> 0.8)
    rexml (3.3.2)
      strscan
    rubyzip (2.3.2)
    serverengine (2.3.2)
      sigdump (~> 0.2.2)
    sigdump (0.2.5)
    stringio (3.1.0)
    strptime (0.2.5)
    strscan (3.1.0)
    tzinfo (2.0.6)
      concurrent-ruby (~> 1.0)
    tzinfo-data (1.2023.3)
      tzinfo (>= 1.0.0)
    unf (0.1.4)
      unf_ext
    unf_ext (0.0.8.2)
    webrick (1.8.1)
    yajl-ruby (1.4.3)

PLATFORMS
  x86_64-linux

DEPENDENCIES
  fluent-plugin-cloudwatch-logs (= 0.14.3)
  fluent-plugin-concat (~> 2.5.0)
  fluent-plugin-kubernetes_metadata_filter (= 3.3.0)
  fluent-plugin-oci-logging-analytics (= 2.0.6)
  fluent-plugin-parser-cri (~> 0.1.1)
  fluent-plugin-record-modifier (= 2.1.1)
  fluent-plugin-rewrite-tag-filter (~> 2.4.0)
  fluent-plugin-s3 (= 1.7.2)
  fluentd (= 1.16.2)
  json (= 2.7.1)
  oci-logging-analytics-kubernetes-discovery (= 1.0.1)
  oj (= 3.16.1)
  rexml (= 3.3.2)

BUNDLED WITH
   2.3.25
